PATH
  remote: .
  specs:
    sato_markdown (0.1.0)
      redcarpet (~> 3.6)

GEM
  remote: https://rubygems.org/
  specs:
    rake (13.2.1)
    redcarpet (3.6.0)

PLATFORMS
  arm64-darwin-21
  arm64-darwin-22

DEPENDENCIES
  bundler
  rake (~> 13.0)
  sato_markdown!

BUNDLED WITH
   2.5.1
