PATH
  remote: .
  specs:
    sato_markdown (0.1.0)
      redcarpet (~> 3.3)

GEM
  remote: https://rubygems.org/
  specs:
    rake (10.5.0)
    redcarpet (3.6.0)

PLATFORMS
  arm64-darwin-21

DEPENDENCIES
  bundler (~> 2.2.33)
  rake (~> 10.0)
  sato_markdown!

BUNDLED WITH
   2.2.33
